GEM
  remote: https://rubygems.org/
  specs:
    activemodel (3.2.10)
      activesupport (= 3.2.10)
      builder (~> 3.0.0)
    activesupport (3.2.10)
      i18n (~> 0.6)
      multi_json (~> 1.0)
    bcrypt-ruby (3.0.1)
    bond (0.4.3)
    bson (1.8.1)
    bson_ext (1.8.1)
      bson (~> 1.8.1)
    builder (3.0.4)
    hashie (1.2.0)
    i18n (0.6.1)
    mongo (1.8.1)
      bson (~> 1.8.1)
    mongo_mapper (0.12.0)
      activemodel (~> 3.0)
      activesupport (~> 3.0)
      plucky (~> 0.5.2)
    multi_json (1.5.0)
    plucky (0.5.2)
      mongo (~> 1.5)
    rack (1.4.3)
    rack-protection (1.3.2)
      rack
    rack-test (0.6.2)
      rack (>= 1.0)
    ripl (0.7.0)
      bond (~> 0.4.2)
    ripl-multi_line (0.3.0)
      ripl (>= 0.3.6)
    ripl-rack (0.2.0)
      rack (>= 1.0)
      rack-test (>= 0.5)
      ripl (>= 0.3.5)
    sinatra (1.3.3)
      rack (~> 1.3, >= 1.3.6)
      rack-protection (~> 1.2)
      tilt (~> 1.3, >= 1.3.3)
    sinatra-mongomapper (1.0.2)
      mongo_mapper
      sinatra
    tilt (1.3.3)
    tux (0.3.0)
      ripl (>= 0.3.5)
      ripl-multi_line (>= 0.2.4)
      ripl-rack (>= 0.2.0)
      sinatra (>= 1.2.1)

PLATFORMS
  ruby

DEPENDENCIES
  bcrypt-ruby
  bson_ext
  hashie
  sinatra
  sinatra-mongomapper
  tux
