GEM
  remote: https://rubygems.org/
  specs:
    activesupport (3.1.8)
      multi_json (>= 1.0, < 1.3)
    bcrypt-ruby (3.0.1)
    bond (0.4.3)
    bson (1.8.0)
      activesupport
    bson_ext (1.8.0)
      bson (~> 1.8.0)
    faraday (0.8.4)
      multipart-post (~> 1.1)
    hashie (1.2.0)
    httparty (0.9.0)
      multi_json (~> 1.0)
      multi_xml
    i18n (0.6.1)
    jnunemaker-validatable (1.8.4)
      activesupport (>= 2.3.4)
    json (1.7.5)
    mongo (1.8.0)
      bson (~> 1.8.0)
    mongo_mapper (0.8.6)
      activesupport (>= 2.3.4)
      jnunemaker-validatable (~> 1.8.4)
      plucky (~> 0.3.6)
    multi_json (1.2.0)
    multi_xml (0.5.2)
    multipart-post (1.1.5)
    nokogiri (1.5.5)
    plucky (0.3.8)
      mongo (~> 1.3)
    rack (1.4.1)
    rack-protection (1.3.1)
      rack
    rack-test (0.6.2)
      rack (>= 1.0)
    ripl (0.7.0)
      bond (~> 0.4.2)
    ripl-multi_line (0.3.0)
      ripl (>= 0.3.6)
    ripl-rack (0.2.0)
      rack (>= 1.0)
      rack-test (>= 0.5)
      ripl (>= 0.3.5)
    simple_oauth (0.2.0)
    sinatra (1.3.3)
      rack (~> 1.3, >= 1.3.6)
      rack-protection (~> 1.2)
      tilt (~> 1.3, >= 1.3.3)
    sinatra-mongomapper (1.0.2)
      mongo_mapper
      sinatra
    snoo (0.1.1)
      httparty
      nokogiri
    tilt (1.3.3)
    tux (0.3.0)
      ripl (>= 0.3.5)
      ripl-multi_line (>= 0.2.4)
      ripl-rack (>= 0.2.0)
      sinatra (>= 1.2.1)
    twitter (4.4.4)
      faraday (~> 0.8, < 0.10)
      multi_json (~> 1.0)
      simple_oauth (~> 0.2)

PLATFORMS
  ruby

DEPENDENCIES
  activesupport (= 3.1.8)
  bcrypt-ruby (= 3.0.1)
  bond (= 0.4.3)
  bson (= 1.8.0)
  bson_ext (= 1.8.0)
  bundler (= 1.2.3)
  hashie (= 1.2.0)
  httparty (= 0.9.0)
  i18n (= 0.6.1)
  json (= 1.7.5)
  mongo (= 1.8.0)
  mongo_mapper (= 0.8.6)
  multi_json (= 1.2.0)
  nokogiri (= 1.5.5)
  plucky (= 0.3.8)
  rack (= 1.4.1)
  rack-protection (= 1.3.1)
  rack-test (= 0.6.2)
  ripl (= 0.7.0)
  ripl-multi_line (= 0.3.0)
  ripl-rack (= 0.2.0)
  sinatra (= 1.3.3)
  sinatra-mongomapper (= 1.0.2)
  snoo
  tilt (= 1.3.3)
  tux (= 0.3.0)
  twitter
