GEM
  remote: https://rubygems.org/
  specs:
    activemodel (3.2.11)
      activesupport (= 3.2.11)
      builder (~> 3.0.0)
    activesupport (3.2.11)
      i18n (~> 0.6)
      multi_json (~> 1.0)
    bson (1.8.2)
    bson_ext (1.8.2)
      bson (~> 1.8.2)
    builder (3.0.4)
    i18n (0.6.1)
    json (1.7.6)
    mongo (1.8.2)
      bson (~> 1.8.2)
    mongo_mapper (0.12.0)
      activemodel (~> 3.0)
      activesupport (~> 3.0)
      plucky (~> 0.5.2)
    multi_json (1.5.0)
    net-http-persistent (2.8)
    plucky (0.5.2)
      mongo (~> 1.5)
    snooby (0.1.5)
      json
      net-http-persistent (>= 2.5)

PLATFORMS
  ruby

DEPENDENCIES
  bson_ext
  mongo_mapper
  snooby
